GEM
  remote: http://rubygems.org/
  specs:
    capistrano (2.15.4)
      highline
      net-scp (>= 1.0.0)
      net-sftp (>= 2.0.0)
      net-ssh (>= 2.0.14)
      net-ssh-gateway (>= 1.1.0)
    git (1.2.5)
    highline (1.6.19)
    jeweler (1.8.4)
      bundler (~> 1.0)
      git (>= 1.2.5)
      rake
      rdoc
    json (1.8.0)
    net-scp (1.1.1)
      net-ssh (>= 2.6.5)
    net-sftp (2.1.2)
      net-ssh (>= 2.6.5)
    net-ssh (2.6.7)
    net-ssh-gateway (1.2.0)
      net-ssh (>= 2.6.5)
    rake (10.0.4)
    rdoc (4.0.1)
      json (~> 1.4)
    rvm-capistrano (1.3.1)
      capistrano (>= 2.0.0)

PLATFORMS
  ruby

DEPENDENCIES
  bundler (>= 1.3.0)
  capistrano (>= 2.15.4)
  jeweler (~> 1.8.4)
  rvm-capistrano
